GEM
  remote: https://rubygems.org/
  specs:
    minitest (5.4.3)
    rake (10.1.1)
    rake-benchmark (1.0.0)
      rake

PLATFORMS
  ruby

DEPENDENCIES
  minitest
  rake
  rake-benchmark
